GEM
  remote: http://rubygems.org/
  specs:
    RedCloth (4.2.7)
    actionmailer (2.3.11)
      actionpack (= 2.3.11)
    actionpack (2.3.11)
      activesupport (= 2.3.11)
      rack (~> 1.1.0)
    activerecord (2.3.11)
      activesupport (= 2.3.11)
    activeresource (2.3.11)
      activesupport (= 2.3.11)
    activesupport (2.3.11)
    colored (1.1)
    flickr (1.0.2)
      xml-simple (>= 1.0.7)
    gravtastic (2.2.0)
    hpricot (0.8.4)
    json (1.5.1)
    mime-types (1.16)
    oauth (0.4.4)
    rack (1.1.2)
    rails (2.3.11)
      actionmailer (= 2.3.11)
      actionpack (= 2.3.11)
      activerecord (= 2.3.11)
      activeresource (= 2.3.11)
      activesupport (= 2.3.11)
      rake (>= 0.8.3)
    rake (0.9.0)
    redgreen (1.2.2)
    rmagick (2.13.1)
    twitter_oauth (0.4.3)
      json (>= 1.1.9)
      mime-types (>= 1.16)
      oauth (>= 0.4.1)
    uuidtools (2.1.2)
    will_paginate (2.3.15)
    xml-simple (1.0.15)

PLATFORMS
  ruby

DEPENDENCIES
  RedCloth
  colored (= 1.1)
  flickr
  gravtastic (= 2.2.0)
  hpricot
  rails (= 2.3.11)
  redgreen
  rmagick
  twitter_oauth
  uuidtools
  will_paginate
